NUGET
  remote: https://nuget.org/api/v2
  specs:
    DotLiquid (1.8.0)
    FAKE (4.4.5)
    FSharp.Core (4.0.0.1)
    FsPickler (1.4.0)
    FsPickler.CSharp (1.4.0)
      FSharp.Core (>= 3.1.2.5)
      FsPickler (1.4.0)
      FsPickler.Json (1.4.0)
    FsPickler.Json (1.4.0)
      FsPickler (1.4.0)
      Newtonsoft.Json (>= 6.0.5)
    Microsoft.Azure.DocumentDB (1.4.1)
      Newtonsoft.Json (>= 5.0.7)
    Newtonsoft.Json (7.0.1)
    Suave (0.31.2)
      FSharp.Core (>= 3.1.2.5)
      FsPickler (>= 1.2.5)
    Suave.DotLiquid (0.31.2)
      DotLiquid (>= 1.8.0)
      Suave (>= 0.31.2)
